PATH
  remote: .
  specs:
    ols (0.4.0)
      savon

GEM
  remote: http://rubygems.org/
  specs:
    addressable (2.2.6)
    akami (1.0.0)
      gyoku (>= 0.4.0)
    awesome_print (1.0.1)
    builder (3.0.0)
    coderay (0.9.8)
    crack (0.3.1)
    gyoku (0.4.4)
      builder (>= 2.1.2)
    httpi (0.9.5)
      rack
    metaclass (0.0.1)
    method_source (0.6.7)
      ruby_parser (>= 2.3.1)
    mocha (0.10.0)
      metaclass (~> 0.0.1)
    multi_json (1.0.3)
    nokogiri (1.5.0)
    nori (1.0.2)
    pry (0.9.7.4)
      coderay (~> 0.9.8)
      method_source (~> 0.6.7)
      ruby_parser (>= 2.3.1)
      slop (~> 2.1.0)
    rack (1.4.0)
    rake (0.9.2.2)
    ruby_parser (2.3.1)
      sexp_processor (~> 3.0)
    savon (0.9.7)
      akami (~> 1.0)
      builder (>= 2.1.2)
      gyoku (>= 0.4.0)
      httpi (~> 0.9)
      nokogiri (>= 1.4.0)
      nori (~> 1.0)
      wasabi (~> 2.0)
    sexp_processor (3.0.10)
    shoulda (2.11.3)
    simplecov (0.5.4)
      multi_json (~> 1.0.3)
      simplecov-html (~> 0.5.3)
    simplecov-html (0.5.3)
    simplecov-rcov (0.2.3)
      simplecov (>= 0.4.1)
    slop (2.1.0)
    vcr (1.11.3)
    wasabi (2.0.0)
      nokogiri (>= 1.4.0)
    webmock (1.7.8)
      addressable (~> 2.2, > 2.2.5)
      crack (>= 0.1.7)

PLATFORMS
  ruby

DEPENDENCIES
  awesome_print
  jruby-openssl
  mocha
  ols!
  pry
  rake
  shoulda
  simplecov
  simplecov-rcov
  vcr
  webmock
